PATH
  remote: .
  specs:
    sandthorn (0.0.1)
      dirty_hashy
      uuidtools

GEM
  remote: https://rubygems.org/
  specs:
    activesupport (4.0.3)
      i18n (~> 0.6, >= 0.6.4)
      minitest (~> 4.2)
      multi_json (~> 1.3)
      thread_safe (~> 0.1)
      tzinfo (~> 0.3.37)
    atomic (1.1.15)
    autotest-standalone (4.5.11)
    awesome_print (1.2.0)
    coderay (1.1.0)
    diff-lcs (1.2.5)
    dirty_hashy (0.2.1)
      activesupport
    gem-release (0.7.1)
    i18n (0.6.9)
    method_source (0.8.2)
    minitest (4.7.5)
    multi_json (1.9.0)
    pg (0.17.1)
    pry (0.9.12.6)
      coderay (~> 1.0)
      method_source (~> 0.8)
      slop (~> 3.4)
    pry-doc (0.5.1)
      pry (>= 0.9)
      yard (>= 0.8)
    rake (10.1.1)
    rspec (2.14.1)
      rspec-core (~> 2.14.0)
      rspec-expectations (~> 2.14.0)
      rspec-mocks (~> 2.14.0)
    rspec-core (2.14.8)
    rspec-expectations (2.14.5)
      diff-lcs (>= 1.1.3, < 2.0)
    rspec-mocks (2.14.6)
    sandthorn_driver_sequel (1.0.0)
      pg
      sequel
    sequel (4.7.0)
    slop (3.4.7)
    sqlite3 (1.3.9)
    thread_safe (0.2.0)
      atomic (>= 1.1.7, < 2)
    tzinfo (0.3.38)
    uuidtools (2.1.4)
    yard (0.8.7.3)

PLATFORMS
  ruby

DEPENDENCIES
  autotest-standalone
  awesome_print
  bundler (~> 1.3)
  gem-release
  pry
  pry-doc
  rake
  rspec
  sandthorn!
  sandthorn_driver_sequel
  sqlite3
