PATH
  remote: .
  specs:
    sandthorn (0.0.1)

GEM
  remote: https://rubygems.org/
  specs:
    autotest-standalone (4.5.11)
    awesome_print (1.2.0)
    coderay (1.1.0)
    diff-lcs (1.2.5)
    gem-release (0.7.1)
    method_source (0.8.2)
    pry (0.9.12.6)
      coderay (~> 1.0)
      method_source (~> 0.8)
      slop (~> 3.4)
    pry-doc (0.5.1)
      pry (>= 0.9)
      yard (>= 0.8)
    rake (10.1.1)
    rspec (2.14.1)
      rspec-core (~> 2.14.0)
      rspec-expectations (~> 2.14.0)
      rspec-mocks (~> 2.14.0)
    rspec-core (2.14.7)
    rspec-expectations (2.14.5)
      diff-lcs (>= 1.1.3, < 2.0)
    rspec-mocks (2.14.6)
    slop (3.4.7)
    yard (0.8.7.3)

PLATFORMS
  ruby

DEPENDENCIES
  autotest-standalone
  awesome_print
  bundler (~> 1.3)
  gem-release
  pry
  pry-doc
  rake
  rspec
  sandthorn!
